PATH
  remote: .
  specs:
    rake-terraform (0.1.0)

GEM
  remote: https://rubygems.org/
  specs:
    diff-lcs (1.3)
    fakefs (0.10.2)
    gem-release (0.7.4)
    rake (11.2.2)
    rspec (3.5.0)
      rspec-core (~> 3.5.0)
      rspec-expectations (~> 3.5.0)
      rspec-mocks (~> 3.5.0)
    rspec-core (3.5.4)
      rspec-support (~> 3.5.0)
    rspec-expectations (3.5.0)
      diff-lcs (>= 1.2.0, < 2.0)
      rspec-support (~> 3.5.0)
    rspec-mocks (3.5.0)
      diff-lcs (>= 1.2.0, < 2.0)
      rspec-support (~> 3.5.0)
    rspec-support (3.5.0)

PLATFORMS
  ruby

DEPENDENCIES
  bundler (~> 1.14)
  fakefs (~> 0.10)
  gem-release (~> 0.7)
  rake (~> 11.0)
  rake-terraform!
  rspec (~> 3.0)

BUNDLED WITH
   1.14.5
